GEM
  remote: https://rubygems.org/
  specs:
    activerecord-honeycomb (0.2.1)
      libhoney
    addressable (2.5.2)
      public_suffix (>= 2.0.2, < 4.0)
    domain_name (0.5.20180417)
      unf (>= 0.0.5, < 1.0.0)
    dotenv (2.1.1)
    faraday (0.9.2)
      multipart-post (>= 1.2, < 3)
    faraday-honeycomb (0.2.1)
      libhoney (>= 1.5.0)
    honeycomb-beeline (0.1.0)
      activerecord-honeycomb (>= 0.2.1)
      faraday-honeycomb (>= 0.2.1)
      libhoney (>= 1.6.0)
      rack-honeycomb (>= 0.2.1)
      sequel-honeycomb (>= 0.2.1)
    http (2.2.2)
      addressable (~> 2.3)
      http-cookie (~> 1.0)
      http-form_data (~> 1.0.1)
      http_parser.rb (~> 0.6.0)
    http-cookie (1.0.3)
      domain_name (~> 0.5)
    http-form_data (1.0.3)
    http_parser.rb (0.6.0)
    json (1.8.2)
    libhoney (1.7.0)
      http (~> 2.0)
    multipart-post (2.0.0)
    public_suffix (3.0.2)
    puma (3.6.0)
    rack (1.6.4)
    rack-honeycomb (0.2.1)
      libhoney (>= 1.5.0)
    rack-protection (1.5.3)
      rack
    sentry-raven (2.7.2)
      faraday (>= 0.7.6, < 1.0)
    sequel-honeycomb (0.2.1)
      libhoney
    sinatra (1.4.7)
      rack (~> 1.5)
      rack-protection (~> 1.4)
      tilt (>= 1.3, < 3)
    tilt (2.0.5)
    unf (0.1.4)
      unf_ext
    unf_ext (0.0.7.5)

PLATFORMS
  ruby

DEPENDENCIES
  dotenv
  faraday
  honeycomb-beeline
  json
  puma
  sentry-raven
  sinatra

RUBY VERSION
   ruby 2.2.4p230

BUNDLED WITH
   1.16.1
